GIT
  remote: git://github.com/puppetlabs/jekyll.git
  revision: a1f56495bb65c87a68fab49d868d4a722b86e58f
  branch: aug_2013_upgrade_test
  specs:
    jekyll (1.1.2)
      classifier (~> 1.3)
      colorator (~> 0.1)
      commander (~> 4.1.3)
      directory_watcher (~> 1.4.1)
      kramdown (~> 1.0.2)
      liquid (~> 2.5.1)
      maruku (~> 0.5)
      pygments.rb (~> 0.5.0)
      redcarpet (~> 2.2)
      safe_yaml (~> 0.7.0)

GEM
  remote: http://gems.rubyforge.org/
  remote: http://gemcutter.org/
  specs:
    activemodel (3.2.14)
      activesupport (= 3.2.14)
      builder (~> 3.0.0)
    activerecord (3.2.14)
      activemodel (= 3.2.14)
      activesupport (= 3.2.14)
      arel (~> 3.0.2)
      tzinfo (~> 0.3.29)
    activesupport (3.2.14)
      i18n (~> 0.6, >= 0.6.4)
      multi_json (~> 1.0)
    arel (3.0.2)
    blockenspiel (0.4.5)
    builder (3.0.4)
    classifier (1.3.3)
      fast-stemmer (>= 1.0.0)
    colorator (0.1)
    commander (4.1.5)
      highline (~> 1.6.11)
    directory_watcher (1.4.1)
    facter (1.7.2)
    fast-stemmer (1.0.2)
    highline (1.6.19)
    i18n (0.6.5)
    json (1.8.0)
    kramdown (1.0.2)
    liquid (2.5.2)
    maruku (0.6.1)
      syntax (>= 1.0.0)
    multi_json (1.7.9)
    nokogiri (1.5.10)
    open4 (1.3.0)
    posix-spawn (0.3.6)
    pygments.rb (0.5.2)
      posix-spawn (~> 0.3.6)
      yajl-ruby (~> 1.1.0)
    rack (1.5.2)
    rake (10.1.0)
    rake-remote_task (2.2.1)
      open4 (~> 1.0)
      rake (>= 0.8, < 11.0)
    rdoc (4.0.1)
      json (~> 1.4)
    redcarpet (2.3.0)
    safe_yaml (0.7.1)
    syntax (1.0.0)
    tzinfo (0.3.37)
    versionomy (0.4.4)
      blockenspiel (>= 0.4.5)
    vlad (2.6.2)
      rake (>= 0.8, < 11.0)
      rake-remote_task (~> 2.1)
    vlad-git (2.2.0)
      vlad (>= 2.1.0)
    yajl-ruby (1.1.0)
    yard (0.8.7)

PLATFORMS
  ruby

DEPENDENCIES
  activerecord (~> 3)
  facter
  jekyll!
  kramdown
  maruku
  nokogiri (< 1.6.0)
  rack
  rake
  rdoc
  versionomy
  vlad
  vlad-git
  yard
